GEM
  remote: https://rubygems.org/
  specs:
    ansi (1.4.3)
    bcrypt (3.1.9)
    builder (3.2.2)
    minitest (5.5.1)
    minitest-reporters (1.0.8)
      ansi
      builder
      minitest (>= 5.0)
      ruby-progressbar
    ruby-progressbar (1.7.1)
    sequel (4.18.0)
    sqlite3 (1.3.10)

PLATFORMS
  ruby

DEPENDENCIES
  bcrypt
  minitest
  minitest-reporters
  sequel
  sqlite3
