PATH
  remote: gems/sequel-stash
  specs:
    sequel-stash (0.0.1)

PATH
  remote: gems/typtanic
  specs:
    typtanic (0.0.1)

GEM
  remote: https://rubygems.org/
  specs:
    ansi (1.4.3)
    awesome_print (1.6.1)
    bcrypt (3.1.9)
    builder (3.2.2)
    daemons (1.1.9)
    eventmachine (1.0.4)
    minitest (5.5.1)
    minitest-reporters (1.0.8)
      ansi
      builder
      minitest (>= 5.0)
      ruby-progressbar
    rack (1.6.0)
    rack-accept (0.4.5)
      rack (>= 0.4)
    ruby-progressbar (1.7.1)
    scorched (0.22)
      rack (~> 1.4)
      rack-accept (~> 0.4)
      tilt (~> 1.4)
    sequel (4.18.0)
    sqlite3 (1.3.10)
    thin (1.6.3)
      daemons (~> 1.0, >= 1.0.9)
      eventmachine (~> 1.0)
      rack (~> 1.0)
    tilt (1.4.1)

PLATFORMS
  ruby

DEPENDENCIES
  awesome_print
  bcrypt
  minitest
  minitest-reporters
  scorched
  sequel
  sequel-stash!
  sqlite3
  thin
  typtanic!
